GEM
  remote: http://rubygems.org/
  specs:
    addressable (2.2.2)
    daemons (1.1.0)
    data_objects (0.10.2)
      addressable (~> 2.1)
    dm-core (1.0.2)
      addressable (~> 2.2)
      extlib (~> 0.9.15)
    dm-do-adapter (1.0.2)
      data_objects (~> 0.10.2)
      dm-core (~> 1.0.2)
    dm-is-tree (1.0.2)
      dm-core (~> 1.0.2)
    dm-migrations (1.0.2)
      dm-core (~> 1.0.2)
    dm-sqlite-adapter (1.0.2)
      dm-do-adapter (~> 1.0.2)
      do_sqlite3 (~> 0.10.2)
    do_sqlite3 (0.10.2)
      data_objects (= 0.10.2)
    echoe (4.3.1)
      gemcutter
      rubyforge
    eventmachine (0.12.10)
    extlib (0.9.15)
    gemcutter (0.6.1)
    json (1.4.6)
    json_pure (1.4.6)
    mime-types (1.16)
    open4 (1.0.1)
    rack (1.2.1)
    rack-test (0.5.4)
      rack (>= 1.0)
    rake (0.8.7)
    rcov (0.9.9)
    rest-client (1.6.1)
      mime-types (>= 1.16)
    rspec (1.3.1)
    rubyforge (2.0.4)
      json_pure (>= 1.1.7)
    sinatra (1.0)
      rack (>= 1.0)
    steamcannon-thin (1.2.8)
      daemons (>= 1.0.9)
      eventmachine (>= 0.12.6)
      rack (>= 1.0.0)

PLATFORMS
  ruby

DEPENDENCIES
  dm-core (= 1.0.2)
  dm-is-tree (= 1.0.2)
  dm-migrations (= 1.0.2)
  dm-sqlite-adapter (= 1.0.2)
  echoe (= 4.3.1)
  json (= 1.4.6)
  open4 (= 1.0.1)
  rack-test (= 0.5.4)
  rake (= 0.8.7)
  rcov (= 0.9.9)
  rest-client (= 1.6.1)
  rspec (= 1.3.1)
  sinatra (= 1.0)
  steamcannon-thin (= 1.2.8)
